GEM
  remote: https://rubygems.org/
  specs:
    concurrent-ruby (1.2.3)
    openssl (3.2.0)
    tzinfo (2.0.6)
      concurrent-ruby (~> 1.0)

PLATFORMS
  ruby

DEPENDENCIES
  openssl
  tzinfo

BUNDLED WITH
   2.1.4
